GEM
  remote: https://rubygems.org/
  specs:
    bcrypt (3.1.16)
    clipboard (1.3.5)
    diff-lcs (1.4.4)
    pastel (0.8.0)
      tty-color (~> 0.5)
    rspec (3.10.0)
      rspec-core (~> 3.10.0)
      rspec-expectations (~> 3.10.0)
      rspec-mocks (~> 3.10.0)
    rspec-core (3.10.1)
      rspec-support (~> 3.10.0)
    rspec-expectations (3.10.1)
      diff-lcs (>= 1.2.0, < 2.0)
      rspec-support (~> 3.10.0)
    rspec-mocks (3.10.2)
      diff-lcs (>= 1.2.0, < 2.0)
      rspec-support (~> 3.10.0)
    rspec-support (3.10.2)
    tty-color (0.6.0)
    tty-cursor (0.7.1)
    tty-editor (0.6.0)
      tty-prompt (~> 0.22)
    tty-prompt (0.23.0)
      pastel (~> 0.8)
      tty-reader (~> 0.8)
    tty-reader (0.9.0)
      tty-cursor (~> 0.7)
      tty-screen (~> 0.8)
      wisper (~> 2.0)
    tty-screen (0.8.1)
    wisper (2.0.1)

PLATFORMS
  ruby

DEPENDENCIES
  bcrypt (~> 3.1)
  clipboard (~> 1.3)
  rspec (~> 3.10)
  tty-editor (~> 0.6.0)
  tty-prompt (~> 0.23.0)

BUNDLED WITH
   2.1.4
